PATH
  remote: .
  specs:
    crashlog (1.1.0.pre1)
      crashlog-auth-hmac (>= 1.1.7)
      faraday (~> 0.8.4)
      hashr
      json
      multi_json (>= 1.1.0)
      rabl (>= 0.6.13)
      uuid

GEM
  remote: http://rubygems.org/
  specs:
    actionpack (4.2.11.1)
      actionview (= 4.2.11.1)
      activesupport (= 4.2.11.1)
      rack (~> 1.6)
      rack-test (~> 0.6.2)
      rails-dom-testing (~> 1.0, >= 1.0.5)
      rails-html-sanitizer (~> 1.0, >= 1.0.2)
    actionview (4.2.11.1)
      activesupport (= 4.2.11.1)
      builder (~> 3.1)
      erubis (~> 2.7.0)
      rails-dom-testing (~> 1.0, >= 1.0.5)
      rails-html-sanitizer (~> 1.0, >= 1.0.3)
    activesupport (4.2.11.1)
      i18n (~> 0.7)
      minitest (~> 5.1)
      thread_safe (~> 0.3, >= 0.3.4)
      tzinfo (~> 1.1)
    appraisal (0.5.1)
      bundler
      rake
    builder (3.2.3)
    chronic (0.6.7)
    concurrent-ruby (1.1.5)
    crashlog-auth-hmac (1.1.7)
    crass (1.0.4)
    delorean (2.0.0)
      chronic
    diff-lcs (1.1.3)
    erubis (2.7.0)
    faraday (0.8.4)
      multipart-post (~> 1.1)
    ffi (1.1.1)
    ffi (1.1.1-java)
    guard (1.2.3)
      listen (>= 0.4.2)
      thor (>= 0.14.6)
    guard-rspec (1.2.0)
      guard (>= 1.1)
    hashr (0.0.22)
    i18n (0.9.5)
      concurrent-ruby (~> 1.0)
    json (2.2.0)
    json (2.2.0-java)
    json_spec (1.0.3)
      multi_json (~> 1.0)
      rspec (~> 2.0)
    listen (0.4.7)
      rb-fchange (~> 0.0.5)
      rb-fsevent (~> 0.9.1)
      rb-inotify (~> 0.8.8)
    loofah (2.3.0)
      crass (~> 1.0.2)
      nokogiri (>= 1.5.9)
    macaddr (1.6.1)
      systemu (~> 2.5.0)
    mini_portile2 (2.4.0)
    minitest (5.12.2)
    multi_json (1.14.0)
    multipart-post (1.1.5)
    nokogiri (1.10.4)
      mini_portile2 (~> 2.4.0)
    nokogiri (1.10.4-java)
    rabl (0.14.2)
      activesupport (>= 2.3.14)
    rack (1.6.11)
    rack-test (0.6.2)
      rack (>= 1.0)
    rails-deprecated_sanitizer (1.0.3)
      activesupport (>= 4.2.0.alpha)
    rails-dom-testing (1.0.9)
      activesupport (>= 4.2.0, < 5.0)
      nokogiri (~> 1.6)
      rails-deprecated_sanitizer (>= 1.0.1)
    rails-html-sanitizer (1.3.0)
      loofah (~> 2.3)
    railties (4.2.11.1)
      actionpack (= 4.2.11.1)
      activesupport (= 4.2.11.1)
      rake (>= 0.8.7)
      thor (>= 0.18.1, < 2.0)
    rake (0.9.2)
    rb-fchange (0.0.5)
      ffi
    rb-fsevent (0.9.1)
    rb-inotify (0.8.8)
      ffi (>= 0.5.0)
    rspec (2.11.0)
      rspec-core (~> 2.11.0)
      rspec-expectations (~> 2.11.0)
      rspec-mocks (~> 2.11.0)
    rspec-core (2.11.1)
    rspec-expectations (2.11.2)
      diff-lcs (~> 1.1.3)
    rspec-mocks (2.11.1)
    rspec-rails (2.11.4)
      actionpack (>= 3.0)
      activesupport (>= 3.0)
      railties (>= 3.0)
      rspec (~> 2.11.0)
    simplecov (0.6.4)
      multi_json (~> 1.0)
      simplecov-html (~> 0.5.3)
    simplecov-html (0.5.3)
    systemu (2.5.2)
    thor (0.20.3)
    thread_safe (0.3.6)
    thread_safe (0.3.6-java)
    tzinfo (1.2.5)
      thread_safe (~> 0.1)
    uuid (2.3.5)
      macaddr (~> 1.0)

PLATFORMS
  java
  ruby

DEPENDENCIES
  appraisal
  crashlog!
  delorean
  guard-rspec
  json_spec
  rack-test
  rake (= 0.9.2)
  rspec
  rspec-rails
  simplecov
  uuid
